GEM
  remote: https://rubygems.org/
  specs:
    base64 (0.2.0)
    rack (3.1.9)

PLATFORMS
  ruby
  x86_64-linux-gnu

DEPENDENCIES
  base64
  rack (>= 2.2)

BUNDLED WITH
   2.6.3
